PATH
  remote: .
  specs:
    bumpr (0.0.1)

GEM
  remote: https://rubygems.org/
  specs:
    bump (0.5.1)
    rake (10.4.2)

PLATFORMS
  ruby

DEPENDENCIES
  bump
  bumpr!
  bundler (~> 1.7)
  rake (~> 10.0)
